PATH
  remote: .
  specs:
    gems-license-finder (0.0.9)
      bluecloth
      faraday (< 0.9)
      github-markup
      github_api
      kramdown
      maruku
      posix-spawn
      rdiscount
      redcarpet

GEM
  remote: http://rubygems.org/
  specs:
    addressable (2.5.2)
      public_suffix (>= 2.0.2, < 4.0)
    bluecloth (2.2.0)
    descendants_tracker (0.0.4)
      thread_safe (~> 0.3, >= 0.3.1)
    faraday (0.8.11)
      multipart-post (~> 1.2.0)
    github-markup (2.0.1)
    github_api (0.18.2)
      addressable (~> 2.4)
      descendants_tracker (~> 0.0.4)
      faraday (~> 0.8)
      hashie (~> 3.5, >= 3.5.2)
      oauth2 (~> 1.0)
    hashie (3.5.7)
    jwt (1.5.6)
    kramdown (1.17.0)
    maruku (0.7.3)
    metaclass (0.0.4)
    minitest (5.11.3)
    mocha (1.6.0)
      metaclass (~> 0.0.1)
    multi_json (1.13.1)
    multi_xml (0.6.0)
    multipart-post (1.2.0)
    oauth2 (1.4.0)
      faraday (>= 0.8, < 0.13)
      jwt (~> 1.0)
      multi_json (~> 1.3)
      multi_xml (~> 0.5)
      rack (>= 1.2, < 3)
    posix-spawn (0.3.13)
    public_suffix (3.0.2)
    rack (2.0.5)
    rdiscount (2.2.0.1)
    redcarpet (3.4.0)
    thread_safe (0.3.6)

PLATFORMS
  ruby

DEPENDENCIES
  gems-license-finder!
  minitest
  mocha

BUNDLED WITH
   1.16.1
