PATH
  remote: .
  specs:
    gems-license-finder (0.0.9)
      bluecloth
      faraday (< 0.9)
      github-markup
      github_api
      kramdown (>= 2.3.0)
      maruku
      posix-spawn
      rack (>= 2.1.4)
      rdiscount
      redcarpet

GEM
  remote: http://rubygems.org/
  specs:
    addressable (2.7.0)
      public_suffix (>= 2.0.2, < 5.0)
    bluecloth (2.2.0)
    descendants_tracker (0.0.4)
      thread_safe (~> 0.3, >= 0.3.1)
    faraday (0.8.11)
      multipart-post (~> 1.2.0)
    github-markup (3.0.4)
    github_api (0.19.0)
      addressable (~> 2.4)
      descendants_tracker (~> 0.0.4)
      faraday (>= 0.8, < 2)
      hashie (~> 3.5, >= 3.5.2)
      oauth2 (~> 1.0)
    hashie (3.6.0)
    jwt (2.2.1)
    kramdown (2.3.0)
      rexml
    maruku (0.7.3)
    metaclass (0.0.4)
    minitest (5.11.3)
    mocha (1.6.0)
      metaclass (~> 0.0.1)
    multi_json (1.15.0)
    multi_xml (0.6.0)
    multipart-post (1.2.0)
    oauth2 (1.4.4)
      faraday (>= 0.8, < 2.0)
      jwt (>= 1.0, < 3.0)
      multi_json (~> 1.3)
      multi_xml (~> 0.5)
      rack (>= 1.2, < 3)
    posix-spawn (0.3.15)
    public_suffix (4.0.5)
    rack (2.2.3)
    rdiscount (2.2.0.2)
    redcarpet (3.5.0)
    rexml (3.2.4)
    thread_safe (0.3.6)

PLATFORMS
  ruby

DEPENDENCIES
  gems-license-finder!
  minitest
  mocha

BUNDLED WITH
   1.17.3
