PATH
  remote: .
  specs:
    gems-license-finder (0.0.10)
      bluecloth (~> 2.2.0)
      faraday (~> 1.3.0)
      github-markup (~> 3.0.5)
      github_api (~> 0.19.0)
      kramdown (~> 2.3.0)
      maruku (~> 0.7.3)
      posix-spawn (~> 0.3.15)
      rack (~> 2.2.3)
      rdiscount (~> 2.2.0)
      redcarpet (~> 3.5.1)

GEM
  remote: http://rubygems.org/
  specs:
    addressable (2.7.0)
      public_suffix (>= 2.0.2, < 5.0)
    bluecloth (2.2.0)
    descendants_tracker (0.0.4)
      thread_safe (~> 0.3, >= 0.3.1)
    faraday (1.3.0)
      faraday-net_http (~> 1.0)
      multipart-post (>= 1.2, < 3)
      ruby2_keywords
    faraday-net_http (1.0.0)
    github-markup (3.0.5)
    github_api (0.19.0)
      addressable (~> 2.4)
      descendants_tracker (~> 0.0.4)
      faraday (>= 0.8, < 2)
      hashie (~> 3.5, >= 3.5.2)
      oauth2 (~> 1.0)
    hashie (3.6.0)
    jwt (2.2.2)
    kramdown (2.3.1)
      rexml
    maruku (0.7.3)
    metaclass (0.0.4)
    minitest (5.11.3)
    mocha (1.6.0)
      metaclass (~> 0.0.1)
    multi_json (1.15.0)
    multi_xml (0.6.0)
    multipart-post (2.1.1)
    oauth2 (1.4.4)
      faraday (>= 0.8, < 2.0)
      jwt (>= 1.0, < 3.0)
      multi_json (~> 1.3)
      multi_xml (~> 0.5)
      rack (>= 1.2, < 3)
    posix-spawn (0.3.15)
    public_suffix (4.0.6)
    rack (2.2.3)
    rdiscount (2.2.0.2)
    redcarpet (3.5.1)
    rexml (3.2.5)
    ruby2_keywords (0.0.2)
    thread_safe (0.3.6)

PLATFORMS
  ruby

DEPENDENCIES
  gems-license-finder!
  minitest (~> 5.11.3)
  mocha (~> 1.6.0)

BUNDLED WITH
   1.17.3
