PATH
  remote: .
  specs:
    gems-license-finder (0.0.1)
      bluecloth
      faraday (< 0.9)
      github-markup
      github_api
      kramdown
      maruku
      posix-spawn
      rdiscount
      redcarpet

GEM
  remote: http://rubygems.org/
  specs:
    addressable (2.3.5)
    bluecloth (2.2.0)
    descendants_tracker (0.0.3)
    faraday (0.8.9)
      multipart-post (~> 1.2.0)
    github-markup (1.1.0)
    github_api (0.11.3)
      addressable (~> 2.3)
      descendants_tracker (~> 0.0.1)
      faraday (~> 0.8, < 0.10)
      hashie (>= 1.2)
      multi_json (>= 1.7.5, < 2.0)
      nokogiri (~> 1.6.0)
      oauth2
    hashie (2.0.5)
    jwt (0.1.11)
      multi_json (>= 1.5)
    kramdown (1.3.3)
    maruku (0.7.1)
    metaclass (0.0.4)
    mini_portile (0.5.2)
    minitest (5.3.1)
    mocha (1.0.0)
      metaclass (~> 0.0.1)
    multi_json (1.9.2)
    multi_xml (0.5.5)
    multipart-post (1.2.0)
    nokogiri (1.6.1)
      mini_portile (~> 0.5.0)
    oauth2 (0.9.3)
      faraday (>= 0.8, < 0.10)
      jwt (~> 0.1.8)
      multi_json (~> 1.3)
      multi_xml (~> 0.5)
      rack (~> 1.2)
    posix-spawn (0.3.8)
    rack (1.5.2)
    rdiscount (2.1.7)
    redcarpet (3.1.1)

PLATFORMS
  ruby

DEPENDENCIES
  gems-license-finder!
  minitest
  mocha
